PATH
  remote: .
  specs:
    koios_ruby (0.1.0)
      faraday (>= 1, < 3)
      oj (~> 3.1)

GEM
  remote: https://rubygems.org/
  specs:
    ast (2.4.2)
    base64 (0.1.1)
    faraday (2.7.11)
      base64
      faraday-net_http (>= 2.0, < 3.1)
      ruby2_keywords (>= 0.0.4)
    faraday-net_http (3.0.2)
    oj (3.16.1)
    parallel (1.21.0)
    parser (3.1.0.0)
      ast (~> 2.4.1)
    rainbow (3.0.0)
    rake (13.0.6)
    regexp_parser (2.2.1)
    rexml (3.2.5)
    rubocop (1.24.1)
      parallel (~> 1.10)
      parser (>= 3.0.0.0)
      rainbow (>= 2.2.2, < 4.0)
      regexp_parser (>= 1.8, < 3.0)
      rexml
      rubocop-ast (>= 1.15.1, < 2.0)
      ruby-progressbar (~> 1.7)
      unicode-display_width (>= 1.4.0, < 3.0)
    rubocop-ast (1.15.1)
      parser (>= 3.0.1.1)
    ruby-progressbar (1.11.0)
    ruby2_keywords (0.0.5)
    unicode-display_width (2.1.0)

PLATFORMS
  x86_64-darwin-19

DEPENDENCIES
  koios_ruby!
  rake (~> 13.0)
  rubocop (~> 1.21)

BUNDLED WITH
   2.4.7
